GEM
  remote: https://rubygems.org/
  specs:
    concurrent-ruby (1.0.2)
    connection_pool (2.2.1)
    daemons (1.2.4)
    json (2.0.2)
    newrelic_plugin (1.3.1)
      json
    rack (1.6.5)
    rack-protection (1.5.3)
      rack
    redis (3.3.2)
    redis-namespace (1.5.2)
      redis (~> 3.0, >= 3.0.4)
    sidekiq (4.2.7)
      concurrent-ruby (~> 1.0)
      connection_pool (~> 2.2, >= 2.2.0)
      rack-protection (>= 1.5.0)
      redis (~> 3.2, >= 3.2.1)

PLATFORMS
  ruby

DEPENDENCIES
  daemons (~> 1.2.3)
  newrelic_plugin
  rack (= 1.6.5)
  redis
  redis-namespace
  sidekiq

BUNDLED WITH
   1.12.5
