GEM
  remote: https://rubygems.org/
  specs:
    celluloid (0.16.0)
      timers (~> 4.0.0)
    connection_pool (2.2.0)
    daemons (1.2.2)
    hitimes (1.2.2)
    json (1.8.3)
    newrelic_plugin (1.3.1)
      json
    redis (3.1.0)
    redis-namespace (1.5.2)
      redis (~> 3.0, >= 3.0.4)
    sidekiq (3.4.1)
      celluloid (~> 0.16.0)
      connection_pool (>= 2.1.1)
      json
      redis (>= 3.0.6)
      redis-namespace (>= 1.3.1)
    timers (4.0.1)
      hitimes

PLATFORMS
  ruby

DEPENDENCIES
  daemons
  newrelic_plugin
  redis
  sidekiq

BUNDLED WITH
   1.11.2
